GEM
  remote: https://rubygems.org/
  specs:
    paint (2.0.1)

PLATFORMS
  ruby

DEPENDENCIES
  paint

BUNDLED WITH
   1.15.4
